GEM
  remote: https://rubygems.org/
  specs:
    addressable (2.5.0)
      public_suffix (~> 2.0, >= 2.0.2)
    coderay (1.1.1)
    faraday (0.10.0)
      multipart-post (>= 1.2, < 3)
    koala (2.4.0)
      addressable
      faraday
      multi_json (>= 1.3.0)
    method_source (0.8.2)
    multi_json (1.12.1)
    multipart-post (2.0.0)
    pry (0.10.4)
      coderay (~> 1.1.0)
      method_source (~> 0.8.1)
      slop (~> 3.4)
    public_suffix (2.0.4)
    slop (3.6.0)
    wit (4.1.0)

PLATFORMS
  ruby

DEPENDENCIES
  koala
  pry
  wit

BUNDLED WITH
   1.13.3
